PATH
  remote: .
  specs:
    autoload_path (0.0.1)

GEM
  remote: https://rubygems.org/
  specs:

PLATFORMS
  ruby

DEPENDENCIES
  autoload_path!
